GEM
  remote: https://rubygems.org/
  specs:
    aws-sdk (1.66.0)
      aws-sdk-v1 (= 1.66.0)
    aws-sdk-v1 (1.66.0)
      json (~> 1.4)
      nokogiri (>= 1.4.4)
    json (1.8.3)
    mini_portile2 (2.1.0)
    nokogiri (1.6.8.1)
      mini_portile2 (~> 2.1.0)

PLATFORMS
  ruby

DEPENDENCIES
  aws-sdk (< 2)

BUNDLED WITH
   1.12.5
